GIT
  remote: https://github.com/luke-biel/jekyll-sol.git
  revision: 8afe5a183e763186242f96ef8e21ef58c64669d1
  specs:
    jekyll-sol (0.1.0)
      jekyll (~> 4.0.0)
      liquid (~> 4.0.3)
      pluto-models (~> 1.6.2)
      sqlite3 (~> 1.4.2)

GEM
  remote: https://rubygems.org/
  specs:
    activemodel (6.0.3.1)
      activesupport (= 6.0.3.1)
    activerecord (6.0.3.1)
      activemodel (= 6.0.3.1)
      activesupport (= 6.0.3.1)
    activerecord-utils (0.4.1)
      activerecord
      logutils
    activesupport (6.0.3.1)
      concurrent-ruby (~> 1.0, >= 1.0.2)
      i18n (>= 0.7, < 2)
      minitest (~> 5.1)
      tzinfo (~> 1.1)
      zeitwerk (~> 2.2, >= 2.2.2)
    activityutils (0.1.2)
      logutils (>= 0.6.1)
    addressable (2.7.0)
      public_suffix (>= 2.0.2, < 5.0)
    colorator (1.1.0)
    concurrent-ruby (1.1.6)
    date-formatter (0.1.1)
    em-websocket (0.5.1)
      eventmachine (>= 0.12.9)
      http_parser.rb (~> 0.6.0)
    eventmachine (1.2.7)
    feedfilter (1.1.1)
      textutils (>= 1.0.1)
    feedparser (2.1.2)
      logutils (>= 0.6.1)
      textutils (>= 1.0.0)
    ffi (1.13.1)
    forwardable-extended (2.6.0)
    http_parser.rb (0.6.0)
    i18n (1.8.3)
      concurrent-ruby (~> 1.0)
    iniparser (1.0.1)
    jekyll (4.0.1)
      addressable (~> 2.4)
      colorator (~> 1.0)
      em-websocket (~> 0.5)
      i18n (>= 0.9.5, < 2)
      jekyll-sass-converter (~> 2.0)
      jekyll-watch (~> 2.0)
      kramdown (~> 2.1)
      kramdown-parser-gfm (~> 1.0)
      liquid (~> 4.0)
      mercenary (~> 0.3.3)
      pathutil (~> 0.9)
      rouge (~> 3.0)
      safe_yaml (~> 1.0)
      terminal-table (~> 1.8)
    jekyll-feed (0.14.0)
      jekyll (>= 3.7, < 5.0)
    jekyll-paginate (1.1.0)
    jekyll-sass-converter (2.1.0)
      sassc (> 2.0.1, < 3.0)
    jekyll-seo-tag (2.6.1)
      jekyll (>= 3.3, < 5.0)
    jekyll-sitemap (1.4.0)
      jekyll (>= 3.7, < 5.0)
    jekyll-swiss (1.0.0)
    jekyll-watch (2.2.1)
      listen (~> 3.0)
    kramdown (2.2.1)
      rexml
    kramdown-parser-gfm (1.1.0)
      kramdown (~> 2.0)
    liquid (4.0.3)
    listen (3.2.1)
      rb-fsevent (~> 0.10, >= 0.10.3)
      rb-inotify (~> 0.9, >= 0.9.10)
    logutils (0.6.1)
    logutils-activerecord (0.2.1)
      activerecord
      logutils (>= 0.6.1)
    mercenary (0.3.6)
    minitest (5.14.1)
    pathutil (0.16.2)
      forwardable-extended (~> 2.6)
    pluto-models (1.6.2)
      activerecord
      activerecord-utils (>= 0.4.0)
      activityutils (>= 0.1.1)
      date-formatter (>= 0.1.1)
      feedfilter (>= 1.1.1)
      feedparser (>= 2.1.2)
      logutils (>= 0.6.1)
      logutils-activerecord (>= 0.2.1)
      props (>= 1.2.0)
      props-activerecord (>= 0.2.0)
      textutils (>= 1.4.0)
    props (1.2.0)
      iniparser (>= 0.1.0)
    props-activerecord (0.2.0)
      activerecord
      props (>= 1.2.0)
    public_suffix (4.0.5)
    rb-fsevent (0.10.4)
    rb-inotify (0.10.1)
      ffi (~> 1.0)
    rexml (3.2.4)
    rouge (3.20.0)
    rubyzip (2.3.0)
    safe_yaml (1.0.5)
    sassc (2.4.0)
      ffi (~> 1.9)
    sqlite3 (1.4.2)
    terminal-table (1.8.0)
      unicode-display_width (~> 1.1, >= 1.1.1)
    textutils (1.4.0)
      activesupport
      logutils (>= 0.6.1)
      props (>= 1.1.2)
      rubyzip (>= 1.0.0)
    thread_safe (0.3.6)
    tzinfo (1.2.7)
      thread_safe (~> 0.1)
    unicode-display_width (1.7.0)
    wdm (0.1.1)
    zeitwerk (2.3.0)

PLATFORMS
  ruby

DEPENDENCIES
  jekyll (~> 4.0.1)
  jekyll-feed (~> 0.14)
  jekyll-paginate (~> 1.1)
  jekyll-seo-tag (~> 2.6)
  jekyll-sitemap (~> 1.4)
  jekyll-sol!
  jekyll-swiss (~> 1.0)
  wdm (~> 0.1.1)

BUNDLED WITH
   2.1.4
